GEM
  remote: http://rubygems.org/
  specs:
    activesupport (3.1.1)
      multi_json (~> 1.0)
    addressable (2.2.6)
    childprocess (0.2.2)
      ffi (~> 1.0.6)
    chunky_png (1.2.5)
    closure-compiler (1.1.4)
    coffee-script (2.2.0)
      coffee-script-source
      execjs
    coffee-script-source (1.1.2)
    compass (0.11.5)
      chunky_png (~> 1.2)
      fssm (>= 0.2.7)
      sass (~> 3.1)
    daemons (1.1.4)
    diff-lcs (1.1.3)
    em-websocket (0.3.5)
      addressable (>= 2.1.1)
      eventmachine (>= 0.12.9)
    eventmachine (0.12.10)
    execjs (1.2.9)
      multi_json (~> 1.0)
    ffi (1.0.9)
    fssm (0.2.7)
    guard (0.6.3)
      thor (~> 0.14.6)
    guard-livereload (0.3.1)
      em-websocket (>= 0.2.0)
      guard (>= 0.4.0)
      multi_json (~> 1.0.3)
    haml (3.1.3)
    hike (1.2.1)
    hpricot (0.8.4)
    http_router (0.10.2)
      rack (>= 1.0.0)
      url_mount (~> 0.2.1)
    i18n (0.6.0)
    json_pure (1.6.1)
    libv8 (3.3.10.2)
    maruku (0.6.0)
      syntax (>= 1.0.0)
    middleman (2.0.13.1)
      coffee-script (~> 2.2.0)
      compass (~> 0.11.3)
      execjs (~> 1.2.7)
      guard (~> 0.6.2)
      haml (~> 3.1.0)
      maruku (~> 0.6.0)
      middleman-livereload (~> 0.2.0)
      padrino-core (~> 0.10.5)
      padrino-helpers (~> 0.10.5)
      rack (~> 1.3.5)
      rack-test (~> 0.6.1)
      sass (~> 3.1.7)
      sinatra (~> 1.3.1)
      slim (~> 1.0.2)
      sprockets (~> 2.0.3)
      thin (~> 1.2.11)
      thor (~> 0.14.0)
      tilt (~> 1.3.1)
      uglifier (~> 1.0.0)
    middleman-livereload (0.2.1)
      guard-livereload (~> 0.3.1)
    multi_json (1.0.3)
    padrino-core (0.10.5)
      activesupport (~> 3.1.0)
      http_router (~> 0.10.2)
      sinatra (~> 1.3.1)
      thor (~> 0.14.3)
      tilt (~> 1.3.0)
    padrino-helpers (0.10.5)
      i18n (~> 0.6)
      padrino-core (= 0.10.5)
    rack (1.3.5)
    rack-protection (1.1.4)
      rack
    rack-test (0.6.1)
      rack (>= 1.0)
    rspec (2.7.0)
      rspec-core (~> 2.7.0)
      rspec-expectations (~> 2.7.0)
      rspec-mocks (~> 2.7.0)
    rspec-core (2.7.1)
    rspec-expectations (2.7.0)
      diff-lcs (~> 1.1.2)
    rspec-mocks (2.7.0)
    rubyzip (0.9.4)
    sass (3.1.10)
    selenium-webdriver (2.10.0)
      childprocess (>= 0.2.1)
      ffi (= 1.0.9)
      json_pure
      rubyzip
    sinatra (1.3.1)
      rack (~> 1.3, >= 1.3.4)
      rack-protection (~> 1.1, >= 1.1.2)
      tilt (~> 1.3, >= 1.3.3)
    slim (1.0.4)
      temple (~> 0.3.4)
      tilt (~> 1.3.2)
    sprockets (2.0.3)
      hike (~> 1.2)
      rack (~> 1.0)
      tilt (~> 1.1, != 1.3.0)
    syntax (1.0.0)
    temple (0.3.4)
    therubyracer (0.9.8)
      libv8 (~> 3.3.10)
    thin (1.2.11)
      daemons (>= 1.0.9)
      eventmachine (>= 0.12.6)
      rack (>= 1.0.0)
    thor (0.14.6)
    tilt (1.3.3)
    uglifier (1.0.4)
      execjs (>= 0.3.0)
      multi_json (>= 1.0.2)
    url_mount (0.2.1)
      rack

PLATFORMS
  ruby

DEPENDENCIES
  closure-compiler
  hpricot
  middleman
  rspec
  selenium-webdriver
  therubyracer
