GEM
  remote: http://rubygems.org/
  specs:
    activesupport (3.0.10)
    addressable (2.2.6)
    childprocess (0.1.9)
      ffi (~> 1.0.6)
    chunky_png (1.2.1)
    closure-compiler (1.1.1)
    coffee-script (2.2.0)
      coffee-script-source
      execjs
    coffee-script-source (1.1.2)
    compass (0.11.5)
      chunky_png (~> 1.2)
      fssm (>= 0.2.7)
      sass (~> 3.1)
    daemons (1.1.4)
    diff-lcs (1.1.2)
    em-websocket (0.3.1)
      addressable (>= 2.1.1)
      eventmachine (>= 0.12.9)
    eventmachine (0.12.10)
    execjs (1.2.4)
      multi_json (~> 1.0)
    ffi (1.0.9)
    fssm (0.2.7)
    guard (0.6.2)
      thor (~> 0.14.6)
    guard-livereload (0.3.0)
      em-websocket (>= 0.2.0)
      guard (>= 0.4.0)
      multi_json (~> 1.0.3)
    haml (3.1.2)
    hike (1.2.1)
    i18n (0.5.0)
    json_pure (1.5.3)
    maruku (0.6.0)
      syntax (>= 1.0.0)
    middleman (2.0.6)
      activesupport (~> 3.0.0)
      coffee-script (~> 2.2.0)
      compass (~> 0.11.3)
      guard (~> 0.6.2)
      haml (~> 3.1.0)
      i18n (~> 0.5.0)
      maruku (~> 0.6.0)
      middleman-livereload (~> 0.2.0)
      rack (~> 1.3.0)
      rack-test (~> 0.6.1)
      rb-fsevent (~> 0.4.2)
      sass (~> 3.1.7)
      sinatra (~> 1.2.6)
      slim (~> 1.0.1)
      sprockets (= 2.0.0.beta.14)
      thin (~> 1.2.11)
      thor (~> 0.14.0)
      tilt (~> 1.3.1)
      uglifier (~> 1.0.0)
    middleman-livereload (0.2.0)
      guard-livereload (~> 0.3.0)
    multi_json (1.0.3)
    rack (1.3.2)
    rack-test (0.6.1)
      rack (>= 1.0)
    rb-fsevent (0.4.3.1)
    rspec (2.6.0)
      rspec-core (~> 2.6.0)
      rspec-expectations (~> 2.6.0)
      rspec-mocks (~> 2.6.0)
    rspec-core (2.6.4)
    rspec-expectations (2.6.0)
      diff-lcs (~> 1.1.2)
    rspec-mocks (2.6.0)
    rubyzip (0.9.4)
    sass (3.1.7)
    selenium-webdriver (0.2.2)
      childprocess (>= 0.1.9)
      ffi (>= 1.0.7)
      json_pure
      rubyzip
    sinatra (1.2.6)
      rack (~> 1.1)
      tilt (>= 1.2.2, < 2.0)
    slim (1.0.1)
      temple (~> 0.3.0)
      tilt (~> 1.2)
    sprockets (2.0.0.beta.14)
      hike (~> 1.2)
      rack (~> 1.0)
      tilt (~> 1.1, != 1.3.0)
    syntax (1.0.0)
    temple (0.3.2)
    thin (1.2.11)
      daemons (>= 1.0.9)
      eventmachine (>= 0.12.6)
      rack (>= 1.0.0)
    thor (0.14.6)
    tilt (1.3.2)
    uglifier (1.0.1)
      execjs (>= 0.3.0)
      multi_json (>= 1.0.2)

PLATFORMS
  ruby

DEPENDENCIES
  closure-compiler
  middleman
  rspec
  selenium-webdriver
